PATH
  remote: .
  specs:
    concerto_frontend_vue (0.0.11)
      mime-types
      rails

GEM
  remote: https://rubygems.org/
  specs:
    actionmailer (0.6.1)
      actionpack (>= 0.9.5)
    actionpack (1.4.0)
    activemodel (7.0.4.1)
      activesupport (= 7.0.4.1)
    activerecord (7.0.4.1)
      activemodel (= 7.0.4.1)
      activesupport (= 7.0.4.1)
    activesupport (7.0.4.1)
      concurrent-ruby (~> 1.0, >= 1.0.2)
      i18n (>= 1.6, < 2)
      minitest (>= 5.1)
      tzinfo (~> 2.0)
    concurrent-ruby (1.1.10)
    i18n (1.12.0)
      concurrent-ruby (~> 1.0)
    mime-types (3.3)
      mime-types-data (~> 3.2015)
    mime-types-data (3.2019.1009)
    minitest (5.17.0)
    rails (0.9.5)
      actionmailer (>= 0.6.1)
      actionpack (>= 1.4.0)
      activerecord (>= 1.6.0)
      rake (>= 0.4.15)
    rake (13.0.1)
    sqlite3 (1.4.1)
    tzinfo (2.0.5)
      concurrent-ruby (~> 1.0)

PLATFORMS
  ruby

DEPENDENCIES
  concerto_frontend_vue!
  sqlite3

BUNDLED WITH
   2.0.2
